PATH
  remote: .
  specs:
    kamisaku (0.4.0)

GEM
  remote: https://rubygems.org/
  specs:
    ast (2.4.3)
    json (2.12.0)
    language_server-protocol (3.17.0.5)
    minitest (5.25.5)
    parallel (1.27.0)
    parser (3.3.8.0)
      ast (~> 2.4.1)
      racc
    prism (1.4.0)
    racc (1.8.1)
    rainbow (3.1.1)
    rake (13.2.1)
    regexp_parser (2.10.0)
    rexml (3.4.1)
    rubocop (1.57.2)
      json (~> 2.3)
      language_server-protocol (>= 3.17.0)
      parallel (~> 1.10)
      parser (>= 3.2.2.4)
      rainbow (>= 2.2.2, < 4.0)
      regexp_parser (>= 1.8, < 3.0)
      rexml (>= 3.2.5, < 4.0)
      rubocop-ast (>= 1.28.1, < 2.0)
      ruby-progressbar (~> 1.7)
      unicode-display_width (>= 2.4.0, < 3.0)
    rubocop-ast (1.44.1)
      parser (>= 3.3.7.2)
      prism (~> 1.4)
    rubocop-minitest (0.33.0)
      rubocop (>= 1.39, < 2.0)
    rubocop-rake (0.6.0)
      rubocop (~> 1.0)
    ruby-progressbar (1.13.0)
    unicode-display_width (2.6.0)

PLATFORMS
  arm64-darwin-22
  x86_64-linux

DEPENDENCIES
  kamisaku!
  minitest (~> 5.0)
  rake (~> 13.0)
  rubocop (= 1.57.2)
  rubocop-minitest (~> 0.33.0)
  rubocop-rake (~> 0.6.0)

RUBY VERSION
   ruby 3.4.3p32

BUNDLED WITH
   2.3.7
